GIT
  remote: git://github.com/genya0407/rakyll.git
  revision: e16c08d3065ea08f2d2c7071d893290d827b3409
  ref: e16c08d3065ea08f2d2c7071d893290d827b3409
  specs:
    rakyll (0.1.1)
      redcarpet (~> 3.4)
      yaml-front-matter (~> 0.0.1)

GEM
  remote: https://rubygems.org/
  specs:
    filewatcher (1.1.1)
      optimist (~> 3.0)
    optimist (3.0.0)
    redcarpet (3.5.1)
    yaml-front-matter (0.0.1)

PLATFORMS
  ruby

DEPENDENCIES
  filewatcher
  rakyll!

BUNDLED WITH
   1.17.2
